PATH
  remote: .
  specs:
    gravatar-ultimate (2.0.0)
      activesupport (>= 2.3.14)
      rack
      xmlrpc

GEM
  remote: http://rubygems.org/
  specs:
    activesupport (4.0.3)
      i18n (~> 0.6, >= 0.6.4)
      minitest (~> 4.2)
      multi_json (~> 1.3)
      thread_safe (~> 0.1)
      tzinfo (~> 0.3.37)
    coveralls (0.8.23)
      json (>= 1.8, < 3)
      simplecov (~> 0.16.1)
      term-ansicolor (~> 1.3)
      thor (>= 0.19.4, < 2.0)
      tins (~> 1.6)
    diff-lcs (1.2.4)
    docile (1.3.2)
    fakeweb (1.3.0)
    i18n (0.6.5)
    json (1.8.1)
    minitest (4.7.5)
    multi_json (1.14.1)
    rack (2.2.3)
    rake (0.9.2.2)
    rdoc (3.12.2)
      json (~> 1.4)
    rspec (2.14.1)
      rspec-core (~> 2.14.0)
      rspec-expectations (~> 2.14.0)
      rspec-mocks (~> 2.14.0)
    rspec-core (2.14.7)
    rspec-expectations (2.14.3)
      diff-lcs (>= 1.1.3, < 2.0)
    rspec-mocks (2.14.4)
    simplecov (0.16.1)
      docile (~> 1.1)
      json (>= 1.8, < 3)
      simplecov-html (~> 0.10.0)
    simplecov-html (0.10.2)
    sync (0.5.0)
    term-ansicolor (1.7.1)
      tins (~> 1.0)
    thor (1.0.1)
    thread_safe (0.3.6)
    tins (1.25.0)
      sync
    tzinfo (0.3.57)
    xmlrpc (0.3.0)

PLATFORMS
  ruby

DEPENDENCIES
  coveralls
  fakeweb (>= 1.2.8)
  gravatar-ultimate!
  i18n (~> 0.6.0)
  jruby-openssl
  rake (~> 0.9.2.2)
  rdoc (~> 3.11)
  rspec (>= 1.3.0)
